GEM
  remote: https://rubygems.org/
  specs:
    rack (1.5.2)
    redcarpet (3.0.0)
    yard (0.8.7)

PLATFORMS
  ruby

DEPENDENCIES
  rack
  redcarpet
  yard
