GEM
  remote: https://rubygems.org/
  specs:
    rack (2.0.8)
    redcarpet (3.4.0)
    yard (0.9.12)

PLATFORMS
  ruby

DEPENDENCIES
  rack
  redcarpet
  yard

BUNDLED WITH
   1.16.0
